GIT
  remote: git://github.com/antek-drzewiecki/wine_bouncer.git
  revision: ebfa04892b4664d92acc65d4582c16105efadaa2
  specs:
    wine_bouncer (0.5.0)
      doorkeeper (>= 1.4, < 4.0)
      grape (~> 0.10, < 1.0)

GIT
  remote: git://github.com/binarylogic/authlogic.git
  revision: 9b327e47d6b3b9b5fc4a09e1165aaf5ea83391e5
  specs:
    authlogic (3.4.2)
      activerecord (>= 3.2)
      activesupport (>= 3.2)
      request_store (~> 1.0)

GIT
  remote: git://github.com/cipacda/jquery-fileupload-rails.git
  revision: 2dc1a7270f6ebf89a34981eea926dffb8d213363
  specs:
    jquery-fileupload-rails (0.4.3)
      actionpack (>= 3.1)
      railties (>= 3.1)

GIT
  remote: git://github.com/collectiveidea/delayed_job.git
  revision: 35408c100b8b3e6d9d23037ea34ac874af953ca8
  specs:
    delayed_job (4.0.6)
      activesupport (>= 3.0, < 5.0)

GIT
  remote: git://github.com/collectiveidea/delayed_job_active_record.git
  revision: 7aab383217e936c57ca509b28decafb6dc63b384
  specs:
    delayed_job_active_record (4.0.1)
      activerecord (>= 3.0, < 4.2)
      delayed_job (>= 3.0, < 4.1)

GIT
  remote: git://github.com/planetio/capistrano-db-tasks.git
  revision: 8862ae309eb5262174ee8c33e764cd8ccbb8931b
  specs:
    capistrano-db-tasks (0.4)
      capistrano (>= 3.0.0)

GIT
  remote: git://github.com/planetio/ios-checkboxes.git
  revision: 04f9204e88d1da4af43fede5a3a0c64df50ebd0a
  specs:
    ios-checkboxes (0.2.1)
      rails (~> 4.0)
      sass-rails

GIT
  remote: git://github.com/planetio/rango.git
  revision: d9b6feff27827563a578b8f48108e8b485c6bdf4
  specs:
    rango (0.1.2)
      activesupport
      unirest (~> 1.1.2)

GIT
  remote: git://github.com/planetio/seahorse.git
  revision: 3cb3cf3e3d49cb81a90bd828da5cdb2f2ede6d6a
  specs:
    seahorse (0.1.1)
      activesupport
      oj

GIT
  remote: git://github.com/rails-api/rails-api.git
  revision: 505b255f0d2a493f5af0d90b281f676e8a5ed65c
  specs:
    rails-api (0.2.0)
      actionpack (>= 3.2.11)
      railties (>= 3.2.11)

GIT
  remote: git://github.com/smartinez87/exception_notification.git
  revision: b80d3dda1265b1d22c5d0952b020d92dc11484ab
  specs:
    exception_notification (4.0.1)
      actionmailer (>= 3.0.4)
      activesupport (>= 3.0.4)

GIT
  remote: git://github.com/synth/capistrano-github-releases.git
  revision: d5d7536f38d54c12052da7ea3e33078e28a249e5
  specs:
    capistrano-github-releases (0.4.2)
      capistrano (>= 3.1)
      dotenv (>= 0.11.0)
      highline (>= 1.6.20)
      octokit (>= 3.1.0)

GIT
  remote: git://github.com/synth/grape-swagger.git
  revision: 4e03d3a3a138d1e8e8f6e606ff972de85041f268
  branch: hide-module-from-path
  specs:
    grape-swagger (0.10.5)
      grape (>= 0.8.0)
      grape-entity (< 0.5.0)

GIT
  remote: git://github.com/thuehlinger/daemons.git
  revision: d65c55a4bfe88f61c1b8572e78f131401a0cf869
  specs:
    daemons (1.2.3)

GIT
  remote: git@github.com:synth/mail_jack.git
  revision: 1b8588c95a2752c4fa1aee403494b58ab58a8cd2
  specs:
    mail_jack (0.2.5)

GIT
  remote: https://github.com/stripe/stripe-ruby
  revision: 8ba1a0e4908cccf20198791aa8f72acc63575589
  specs:
    stripe (1.21.0)
      json (~> 1.8.1)
      rest-client (~> 1.4)

GEM
  remote: https://rubygems.org/
  specs:
    CFPropertyList (2.3.1)
    actionmailer (4.1.14)
      actionpack (= 4.1.14)
      actionview (= 4.1.14)
      mail (~> 2.5, >= 2.5.4)
    actionpack (4.1.14)
      actionview (= 4.1.14)
      activesupport (= 4.1.14)
      rack (~> 1.5.2)
      rack-test (~> 0.6.2)
    actionpack-action_caching (1.1.1)
      actionpack (>= 4.0.0, < 5.0)
    actionpack-page_caching (1.0.2)
      actionpack (>= 4.0.0, < 5)
    actionview (4.1.14)
      activesupport (= 4.1.14)
      builder (~> 3.1)
      erubis (~> 2.7.0)
    active_model_serializers (0.9.3)
      activemodel (>= 3.2)
    activemodel (4.1.14)
      activesupport (= 4.1.14)
      builder (~> 3.1)
    activerecord (4.1.14)
      activemodel (= 4.1.14)
      activesupport (= 4.1.14)
      arel (~> 5.0.0)
    activerecord-deprecated_finders (1.0.3)
    activerecord-import (0.5.0)
      activerecord (>= 3.0)
    activerecord-session_store (0.1.0)
      actionpack (>= 4.0.0, < 5)
      activerecord (>= 4.0.0, < 5)
      railties (>= 4.0.0, < 5)
    activesupport (4.1.14)
      i18n (~> 0.6, >= 0.6.9)
      json (~> 1.7, >= 1.7.7)
      minitest (~> 5.1)
      thread_safe (~> 0.1)
      tzinfo (~> 1.1)
    addressable (2.3.8)
    analytics-ruby (2.0.10)
    api-pagination (4.1.1)
    arel (5.0.1.20140414130214)
    awesome_print (1.2.0)
    axiom-types (0.1.1)
      descendants_tracker (~> 0.0.4)
      ice_nine (~> 0.11.0)
      thread_safe (~> 0.3, >= 0.3.1)
    backports (3.6.8)
    bcrypt (3.1.7)
    bcrypt-ruby (3.1.5)
      bcrypt (>= 3.1.3)
    better_errors (1.1.0)
      coderay (>= 1.0.0)
      erubis (>= 2.6.6)
    binding_of_caller (0.7.2)
      debug_inspector (>= 0.0.1)
    bourbon (3.1.8)
      sass (>= 3.2.0)
      thor
    brakeman (2.4.3)
      erubis (~> 2.6)
      fastercsv (~> 1.5)
      haml (>= 3.0, < 5.0)
      highline (~> 1.6.20)
      multi_json (~> 1.2)
      ruby2ruby (~> 2.0.5)
      ruby_parser (~> 3.4.0)
      sass (~> 3.0)
      slim (>= 1.3.6, < 3.0)
      terminal-table (~> 1.4)
    builder (3.2.2)
    bullet (4.8.0)
      activesupport
      uniform_notifier (>= 1.4.0)
    byebug (8.2.1)
    callsite (0.0.11)
    capistrano (3.4.0)
      i18n
      rake (>= 10.0.0)
      sshkit (~> 1.3)
    capistrano-bundler (1.1.4)
      capistrano (~> 3.1)
      sshkit (~> 1.2)
    capistrano-newrelic (0.0.9)
      capistrano (~> 3.0)
      newrelic_rpm
    capistrano-passenger (0.0.5)
      capistrano (~> 3.0)
    capistrano-pending (0.0.2)
      capistrano (>= 3.2.0)
    capistrano-rails (1.1.3)
      capistrano (~> 3.1)
      capistrano-bundler (~> 1.1)
    capistrano-rvm (0.1.2)
      capistrano (~> 3.0)
      sshkit (~> 1.2)
    capistrano3-delayed-job (1.4.0)
      capistrano (>= 3.0.0)
    capybara (2.5.0)
      mime-types (>= 1.16)
      nokogiri (>= 1.3.3)
      rack (>= 1.0.0)
      rack-test (>= 0.5.4)
      xpath (~> 2.0)
    capybara-screenshot (1.0.11)
      capybara (>= 1.0, < 3)
      launchy
    capybara-webkit (1.7.1)
      capybara (>= 2.3.0, < 2.6.0)
      json
    carrierwave (0.10.0)
      activemodel (>= 3.2.0)
      activesupport (>= 3.2.0)
      json (>= 1.7)
      mime-types (>= 1.16)
    childprocess (0.5.6)
      ffi (~> 1.0, >= 1.0.11)
    chronic (0.10.2)
    closeio (2.4.2)
      faraday
      faraday_middleware
      hashie
      json
    coderay (1.1.0)
    coercible (1.0.0)
      descendants_tracker (~> 0.0.1)
    coffee-rails (4.0.1)
      coffee-script (>= 2.2.0)
      railties (>= 4.0.0, < 5.0)
    coffee-script (2.2.0)
      coffee-script-source
      execjs
    coffee-script-source (1.7.0)
    colorize (0.7.2)
    database_cleaner (1.2.0)
    debug_inspector (0.0.2)
    declarative_authorization (0.5.7)
    descendants_tracker (0.0.4)
      thread_safe (~> 0.3, >= 0.3.1)
    diff-lcs (1.2.5)
    docile (1.1.3)
    domainatrix (0.0.11)
      addressable
    doorkeeper (3.1.0)
      railties (>= 3.2)
    dotenv (2.0.1)
    email_spec (1.5.0)
      launchy (~> 2.1)
      mail (~> 2.2)
    equalizer (0.0.11)
    erubis (2.7.0)
    ethon (0.8.1)
      ffi (>= 1.3.0)
    eventmachine (1.0.5)
    excon (0.45.3)
    execjs (2.0.2)
    factory_girl (4.4.0)
      activesupport (>= 3.0.0)
    factory_girl_rails (4.4.1)
      factory_girl (~> 4.4.0)
      railties (>= 3.0.0)
    faraday (0.9.2)
      multipart-post (>= 1.2, < 3)
    faraday_middleware (0.10.0)
      faraday (>= 0.7.4, < 0.10)
    fastercsv (1.5.5)
    ffi (1.9.10)
    ffi-compiler (0.1.3)
      ffi (>= 1.0.0)
      rake
    fission (0.5.0)
      CFPropertyList (~> 2.2)
    fog (1.30.0)
      fog-atmos
      fog-aws (~> 0.0)
      fog-brightbox (~> 0.4)
      fog-core (~> 1.27, >= 1.27.4)
      fog-ecloud
      fog-google (>= 0.0.2)
      fog-json
      fog-local
      fog-powerdns (>= 0.1.1)
      fog-profitbricks
      fog-radosgw (>= 0.0.2)
      fog-riakcs
      fog-sakuracloud (>= 0.0.4)
      fog-serverlove
      fog-softlayer
      fog-storm_on_demand
      fog-terremark
      fog-vmfusion
      fog-voxel
      fog-xml (~> 0.1.1)
      ipaddress (~> 0.5)
      nokogiri (~> 1.5, >= 1.5.11)
    fog-atmos (0.1.0)
      fog-core
      fog-xml
    fog-aws (0.1.2)
      fog-core (~> 1.27)
      fog-json (~> 1.0)
      fog-xml (~> 0.1)
      ipaddress (~> 0.8)
    fog-brightbox (0.7.1)
      fog-core (~> 1.22)
      fog-json
      inflecto (~> 0.0.2)
    fog-core (1.30.0)
      builder
      excon (~> 0.45)
      formatador (~> 0.2)
      mime-types
      net-scp (~> 1.1)
      net-ssh (>= 2.1.3)
    fog-ecloud (0.1.1)
      fog-core
      fog-xml
    fog-google (0.0.5)
      fog-core
      fog-json
      fog-xml
    fog-json (1.0.1)
      fog-core (~> 1.0)
      multi_json (~> 1.0)
    fog-local (0.2.1)
      fog-core (~> 1.27)
    fog-powerdns (0.1.1)
      fog-core (~> 1.27)
      fog-json (~> 1.0)
      fog-xml (~> 0.1)
    fog-profitbricks (0.0.2)
      fog-core
      fog-xml
      nokogiri
    fog-radosgw (0.0.4)
      fog-core (>= 1.21.0)
      fog-json
      fog-xml (>= 0.0.1)
    fog-riakcs (0.1.0)
      fog-core
      fog-json
      fog-xml
    fog-sakuracloud (1.0.1)
      fog-core
      fog-json
    fog-serverlove (0.1.2)
      fog-core
      fog-json
    fog-softlayer (0.4.5)
      fog-core
      fog-json
    fog-storm_on_demand (0.1.1)
      fog-core
      fog-json
    fog-terremark (0.1.0)
      fog-core
      fog-xml
    fog-vmfusion (0.1.0)
      fission
      fog-core
    fog-voxel (0.1.0)
      fog-core
      fog-xml
    fog-xml (0.1.2)
      fog-core
      nokogiri (~> 1.5, >= 1.5.11)
    formatador (0.2.5)
    gdata_19 (1.1.5)
    geocoder (1.1.9)
    gh (0.14.0)
      addressable
      backports
      faraday (~> 0.8)
      multi_json (~> 1.0)
      net-http-persistent (>= 2.7)
      net-http-pipeline
    github_api (0.11.3)
      addressable (~> 2.3)
      descendants_tracker (~> 0.0.1)
      faraday (~> 0.8, < 0.10)
      hashie (>= 1.2)
      multi_json (>= 1.7.5, < 2.0)
      nokogiri (~> 1.6.0)
      oauth2
    gli (2.13.4)
    grape (0.14.0)
      activesupport
      builder
      hashie (>= 2.1.0)
      multi_json (>= 1.3.2)
      multi_xml (>= 0.5.2)
      rack (>= 1.3.0)
      rack-accept
      rack-mount
      virtus (>= 1.0.0)
    grape-entity (0.4.8)
      activesupport
      multi_json (>= 1.3.2)
    grape-rails-routes (1.0)
      rails (>= 4.1.4)
    grape-route-helpers (1.2.1)
      activesupport
      grape
      rake
    haml (4.0.6)
      tilt
    hashids (1.0.2)
    hashie (3.4.3)
    headless (1.0.1)
    highline (1.6.21)
    hike (1.2.3)
    httpclient (2.3.4.1)
    i18n (0.7.0)
    ice_nine (0.11.1)
    inflecto (0.0.2)
    ipaddress (0.8.0)
    jasmine-core (2.3.4)
    jasmine-rails (0.11.0)
      jasmine-core (>= 1.3, < 3.0)
      phantomjs (>= 1.9)
      railties (>= 3.2.0)
      sprockets-rails
    jquery-rails (3.1.0)
      railties (>= 3.0, < 5.0)
      thor (>= 0.14, < 2.0)
    json (1.8.3)
    jwt (1.4.1)
    kgio (2.9.2)
    launchy (2.4.3)
      addressable (~> 2.3)
    libv8 (3.16.14.13)
    macaddr (1.7.1)
      systemu (~> 2.6.2)
    mail (2.6.3)
      mime-types (>= 1.16, < 3)
    mandrill-api (1.0.53)
      excon (>= 0.16.0, < 1.0)
      json (>= 1.7.7, < 2.0)
    memory_test_fix (1.0.0)
    meta_request (0.2.9)
      callsite
      rack-contrib
      railties
    method_source (0.8.2)
    mime-types (1.25.1)
    mini_magick (4.5.1)
    mini_portile2 (2.0.0)
    minitest (5.8.3)
    multi_json (1.11.2)
    multi_xml (0.5.5)
    multipart-post (2.0.0)
    mysql (2.9.1)
    mysql2 (0.3.14)
    nayutaya-msgpack-pure (0.0.2)
    net-http-persistent (2.9.4)
    net-http-pipeline (1.0.1)
    net-scp (1.2.1)
      net-ssh (>= 2.6.5)
    net-ssh (2.7.0)
    netrc (0.11.0)
    newrelic_rpm (3.12.0.288)
    nokogiri (1.6.7.1)
      mini_portile2 (~> 2.0.0.rc2)
    nprogress-rails (0.1.3.0)
    oauth2 (1.0.0)
      faraday (>= 0.8, < 0.10)
      jwt (~> 1.0)
      multi_json (~> 1.3)
      multi_xml (~> 0.5)
      rack (~> 1.2)
    oauth2-client (2.0.0)
      addressable (~> 2.3)
      bcrypt-ruby (~> 3.0)
    octokit (3.8.0)
      sawyer (~> 0.6.0, >= 0.5.3)
    oj (2.7.3)
    omniauth (1.2.2)
      hashie (>= 1.2, < 4)
      rack (~> 1.0)
    omniauth-google-oauth2 (0.2.2)
      omniauth (~> 1.0)
      omniauth-oauth2
    omniauth-oauth2 (1.2.0)
      faraday (>= 0.8, < 0.10)
      multi_json (~> 1.3)
      oauth2 (~> 1.0)
      omniauth (~> 1.2)
    omniauth-office365 (0.0.1)
      omniauth-oauth2
    omniauth-yammer (0.1.0)
      omniauth-oauth2 (>= 1.1)
    paranoia (2.0.2)
      activerecord (~> 4.0)
    phantomjs (1.9.7.1)
    postmark (1.3.1)
      json
      rake
    postmark-rails (0.8.0)
      actionmailer (>= 3.0.0)
      postmark (~> 1.3.0)
    protected_attributes (1.0.7)
      activemodel (>= 4.0.1, < 5.0)
    pry (0.9.12.6)
      coderay (~> 1.0)
      method_source (~> 0.8)
      slop (~> 3.4)
    pry-nav (0.2.3)
      pry (~> 0.9.10)
    pry-rails (0.3.2)
      pry (>= 0.9.10)
    pry-remote (0.1.8)
      pry (~> 0.9)
      slop (~> 3.0)
    pry-stack_explorer (0.4.9.2)
      binding_of_caller (>= 0.7)
      pry (>= 0.9.11)
    psych (2.0.5)
    puma (2.14.0)
    pusher (0.12.0)
      httpclient (~> 2.3.0)
      multi_json (~> 1.0)
      signature (~> 0.1.6)
    quiet_assets (1.1.0)
      railties (>= 3.1, < 5.0)
    rack (1.5.5)
    rack-accept (0.4.5)
      rack (>= 0.4)
    rack-contrib (1.1.0)
      rack (>= 0.9.1)
    rack-cors (0.2.9)
    rack-mount (0.8.3)
      rack (>= 1.0.0)
    rack-test (0.6.3)
      rack (>= 1.0)
    rack_session_access (0.1.1)
      builder (>= 2.0.0)
      rack (>= 1.0.0)
    rails (4.1.14)
      actionmailer (= 4.1.14)
      actionpack (= 4.1.14)
      actionview (= 4.1.14)
      activemodel (= 4.1.14)
      activerecord (= 4.1.14)
      activesupport (= 4.1.14)
      bundler (>= 1.3.0, < 2.0)
      railties (= 4.1.14)
      sprockets-rails (~> 2.0)
    rails-i18n (4.0.2)
      i18n (~> 0.6)
      rails (>= 4.0)
    rails-observers (0.1.2)
      activemodel (~> 4.0)
    railties (4.1.14)
      actionpack (= 4.1.14)
      activesupport (= 4.1.14)
      rake (>= 0.8.7)
      thor (>= 0.18.1, < 2.0)
    raindrops (0.13.0)
    rake (10.4.2)
    rdoc (4.2.0)
    redcarpet (3.1.2)
    redis (3.0.7)
    ref (2.0.0)
    request_store (1.0.5)
    rest-client (1.6.8)
      mime-types (~> 1.16)
      rdoc (>= 2.4.2)
    rouge (1.6.2)
    rspec (2.14.1)
      rspec-core (~> 2.14.0)
      rspec-expectations (~> 2.14.0)
      rspec-mocks (~> 2.14.0)
    rspec-core (2.14.8)
    rspec-expectations (2.14.5)
      diff-lcs (>= 1.1.3, < 2.0)
    rspec-mocks (2.14.6)
    rspec-rails (2.14.2)
      actionpack (>= 3.0)
      activemodel (>= 3.0)
      activesupport (>= 3.0)
      railties (>= 3.0)
      rspec-core (~> 2.14.0)
      rspec-expectations (~> 2.14.0)
      rspec-mocks (~> 2.14.0)
    ruby-saml (1.1.2)
      nokogiri (>= 1.5.10)
      uuid (~> 2.3)
    ruby2ruby (2.0.8)
      ruby_parser (~> 3.1)
      sexp_processor (~> 4.0)
    ruby_parser (3.4.1)
      sexp_processor (~> 4.1)
    rubyzip (1.1.7)
    sanitize_email (1.1.4)
    sass (3.2.19)
    sass-rails (4.0.3)
      railties (>= 4.0.0, < 5.0)
      sass (~> 3.2.0)
      sprockets (~> 2.8, <= 2.11.0)
      sprockets-rails (~> 2.0)
    sawyer (0.6.0)
      addressable (~> 2.3.5)
      faraday (~> 0.8, < 0.10)
    scrypt (1.2.1)
      ffi-compiler (>= 0.0.2)
      rake
    selenium-webdriver (2.47.1)
      childprocess (~> 0.5)
      multi_json (~> 1.0)
      rubyzip (~> 1.0)
      websocket (~> 1.0)
    sexp_processor (4.4.3)
    signature (0.1.7)
    simplecov (0.8.2)
      docile (~> 1.1.0)
      multi_json
      simplecov-html (~> 0.8.0)
    simplecov-html (0.8.0)
    sitemap_generator (5.1.0)
      builder
    slack-ruby-client (0.5.2)
      faraday
      faraday_middleware
      gli
      json
      websocket-driver
    slackistrano (1.0.0)
      capistrano (>= 3.0.1)
      json
    slim (2.0.2)
      temple (~> 0.6.6)
      tilt (>= 1.3.3, < 2.1)
    slop (3.5.0)
    solano (1.26.3)
      addressable
      github_api
      highline
      json
      launchy
      nayutaya-msgpack-pure (~> 0.0.2)
      tddium_client (~> 0.4.2)
      thor
    spring (1.1.2)
    spring-commands-rspec (1.0.1)
      spring (>= 0.9.1)
    sprockets (2.11.0)
      hike (~> 1.2)
      multi_json (~> 1.0)
      rack (~> 1.0)
      tilt (~> 1.1, != 1.3.0)
    sprockets-rails (2.3.3)
      actionpack (>= 3.0)
      activesupport (>= 3.0)
      sprockets (>= 2.8, < 4.0)
    sshkit (1.3.0)
      net-scp (>= 1.1.2)
      net-ssh
      term-ansicolor
    systemu (2.6.5)
    tddium_client (0.4.3)
      httpclient (>= 2.2.5)
      json
    temple (0.6.7)
    term-ansicolor (1.3.0)
      tins (~> 1.0)
    terminal-table (1.4.5)
    test-unit (2.5.5)
    therubyracer (0.12.2)
      libv8 (~> 3.16.14.0)
      ref
    thin (1.5.1)
      daemons (>= 1.0.9)
      eventmachine (>= 0.12.6)
      rack (>= 1.0.0)
    thor (0.19.1)
    thread_safe (0.3.5)
    tilt (1.4.1)
    timecop (0.7.1)
    tins (1.5.2)
    travis (1.4.0)
      backports
      faraday (~> 0.8)
      faraday_middleware (~> 0.9)
      gh
      highline (~> 1.6)
      launchy (~> 2.1)
      netrc (~> 0.7)
      pry (~> 0.9)
      typhoeus
    turbolinks (2.2.2)
      coffee-rails
    twilio-ruby (4.10.0)
      builder (>= 2.1.2)
      jwt (~> 1.0)
      multi_json (>= 1.3.0)
    typhoeus (1.0.1)
      ethon (>= 0.8.0)
    tzinfo (1.2.2)
      thread_safe (~> 0.1)
    uglifier (2.5.0)
      execjs (>= 0.3.0)
      json (>= 1.8.0)
    unicorn (4.8.2)
      kgio (~> 2.6)
      rack
      raindrops (~> 0.7)
    uniform_notifier (1.4.0)
    unirest (1.1.2)
      addressable (~> 2.3.5)
      json (~> 1.8.1)
      rest-client (~> 1.6.7)
    uuid (2.3.8)
      macaddr (~> 1.0)
    virtus (1.0.5)
      axiom-types (~> 0.1)
      coercible (~> 1.0)
      descendants_tracker (~> 0.0, >= 0.0.3)
      equalizer (~> 0.0, >= 0.0.9)
    websocket (1.2.2)
    websocket-driver (0.6.3)
      websocket-extensions (>= 0.1.0)
    websocket-extensions (0.1.2)
    whenever (0.9.2)
      activesupport (>= 2.3.4)
      chronic (>= 0.6.3)
    will_paginate (3.0.7)
    wisper (1.6.1)
    xpath (2.0.0)
      nokogiri (~> 1.3)
    yam (2.2.0)
      addressable (~> 2.3)
      multi_json (~> 1.8)
      oauth2-client (~> 2.0)
      oj (~> 2.0)
      rest-client (~> 1.6)

PLATFORMS
  ruby

DEPENDENCIES
  actionpack-action_caching
  actionpack-page_caching
  active_model_serializers
  activerecord-deprecated_finders
  activerecord-import
  activerecord-session_store
  analytics-ruby (~> 2.0.0)
  api-pagination
  authlogic!
  awesome_print
  better_errors
  binding_of_caller
  bourbon
  brakeman
  bullet
  byebug
  capistrano (~> 3.0)
  capistrano-bundler (~> 1.1)
  capistrano-db-tasks!
  capistrano-github-releases!
  capistrano-newrelic
  capistrano-passenger
  capistrano-pending
  capistrano-rails (~> 1.1)
  capistrano-rvm
  capistrano3-delayed-job (~> 1.0)
  capybara
  capybara-screenshot
  capybara-webkit
  carrierwave (~> 0.10.0)
  closeio
  colorize
  daemons!
  database_cleaner
  declarative_authorization
  delayed_job!
  delayed_job_active_record!
  domainatrix
  doorkeeper
  email_spec
  exception_notification!
  factory_girl
  factory_girl_rails
  fog
  gdata_19
  geocoder
  grape
  grape-entity
  grape-rails-routes
  grape-route-helpers
  grape-swagger!
  hashids
  hashie (>= 3.2.0)
  headless
  ios-checkboxes!
  jasmine-rails
  jquery-fileupload-rails!
  jquery-rails
  launchy
  mail_jack!
  mandrill-api
  memory_test_fix
  meta_request
  mini_magick
  mysql
  mysql2
  net-ssh (~> 2.7.0)
  nprogress-rails
  omniauth
  omniauth-google-oauth2
  omniauth-office365
  omniauth-yammer
  paranoia
  phantomjs (= 1.9.7.1)
  postmark-rails
  protected_attributes
  pry
  pry-nav
  pry-rails
  pry-remote
  pry-stack_explorer
  psych (~> 2.0.4)
  puma
  pusher
  quiet_assets
  rack-cors
  rack_session_access
  rails (= 4.1.14)
  rails-api!
  rails-i18n
  rails-observers
  rango!
  redcarpet
  redis
  rouge
  rspec
  rspec-core
  rspec-rails
  ruby-saml (~> 1.1.2)
  sanitize_email
  sass-rails (~> 4.0.3)
  scrypt
  seahorse!
  selenium-webdriver (= 2.47.1)
  simplecov
  sitemap_generator
  slack-ruby-client
  slackistrano
  solano
  spring
  spring-commands-rspec
  stripe!
  test-unit
  therubyracer
  thin
  timecop
  travis
  turbolinks
  twilio-ruby
  typhoeus (~> 1.0.1)
  uglifier
  unicorn
  whenever
  will_paginate
  wine_bouncer!
  wisper
  yam (~> 2.2.0)

BUNDLED WITH
   1.11.2
